GIT
  remote: git://github.com/rails/activerecord-deprecated_finders.git
  revision: 5937f3e7102f9be461ce2dccaef0e4d14e92cd35
  specs:
    activerecord-deprecated_finders (0.0.3)

GIT
  remote: git://github.com/rails/journey.git
  revision: e64274443f8420df2518cf2206a2c640d9d8e196
  specs:
    journey (2.0.0.20120723141804)

GIT
  remote: git://github.com/rails/rails.git
  revision: 3bdfecea8b9cd324a396782e1d44834c8dccef70
  specs:
    actionmailer (4.0.0.beta)
      actionpack (= 4.0.0.beta)
      mail (~> 2.5.3)
    actionpack (4.0.0.beta)
      activesupport (= 4.0.0.beta)
      builder (~> 3.1.0)
      erubis (~> 2.7.0)
      rack (~> 1.5.0)
      rack-test (~> 0.6.1)
    activemodel (4.0.0.beta)
      activesupport (= 4.0.0.beta)
      builder (~> 3.1.0)
    activerecord (4.0.0.beta)
      activemodel (= 4.0.0.beta)
      activerecord-deprecated_finders (~> 0.0.3)
      activesupport (= 4.0.0.beta)
      arel (~> 3.0.2)
    activesupport (4.0.0.beta)
      i18n (~> 0.6)
      minitest (~> 4.1)
      multi_json (~> 1.3)
      thread_safe (~> 0.1)
      tzinfo (~> 0.3.33)
    rails (4.0.0.beta)
      actionmailer (= 4.0.0.beta)
      actionpack (= 4.0.0.beta)
      activerecord (= 4.0.0.beta)
      activesupport (= 4.0.0.beta)
      bundler (>= 1.2.2, < 2.0)
      railties (= 4.0.0.beta)
      sprockets-rails (~> 2.0.0.rc1)
    railties (4.0.0.beta)
      actionpack (= 4.0.0.beta)
      activesupport (= 4.0.0.beta)
      rake (>= 0.8.7)
      rdoc (~> 3.4)
      thor (>= 0.17.0, < 2.0)

GEM
  remote: http://rubygems.org/
  specs:
    activerecord-jdbc-adapter (1.2.2.1)
    activerecord-jdbcpostgresql-adapter (1.2.2.1)
      activerecord-jdbc-adapter (~> 1.2.2.1)
      jdbc-postgres (>= 9.0, < 9.2)
    activerecord-jdbcsqlite3-adapter (1.2.2.1)
      activerecord-jdbc-adapter (~> 1.2.2.1)
      jdbc-sqlite3 (~> 3.7.2)
    arel (3.0.2)
    atomic (1.0.1)
    atomic (1.0.1-java)
    builder (3.1.4)
    columnize (0.3.6)
    crashlog (1.0.7)
      crashlog-auth-hmac (>= 1.1.7)
      faraday (~> 0.8.4)
      hashr
      json
      multi_json (>= 1.1.0)
      rabl (>= 0.6.13)
      uuid
    crashlog-auth-hmac (1.1.7)
    debugger (1.2.2)
      columnize (>= 0.3.1)
      debugger-linecache (~> 1.1.1)
      debugger-ruby_core_source (~> 1.1.5)
    debugger-linecache (1.1.2)
      debugger-ruby_core_source (>= 1.1.1)
    debugger-ruby_core_source (1.1.5)
    diff-lcs (1.1.3)
    erubis (2.7.0)
    factory_girl (4.1.0)
      activesupport (>= 3.0.0)
    factory_girl_rails (4.1.0)
      factory_girl (~> 4.1.0)
      railties (>= 3.0.0)
    faraday (0.8.4)
      multipart-post (~> 1.1)
    hashr (0.0.22)
    hike (1.2.1)
    i18n (0.6.1)
    jdbc-postgres (9.1.901)
    jdbc-sqlite3 (3.7.2)
    json (1.7.6)
    json (1.7.6-java)
    macaddr (1.6.1)
      systemu (~> 2.5.0)
    mail (2.5.3)
      i18n (>= 0.4.0)
      mime-types (~> 1.16)
      treetop (~> 1.4.8)
    mime-types (1.19)
    minitest (4.5.0)
    multi_json (1.5.0)
    multipart-post (1.1.5)
    pg (0.14.1)
    polyglot (0.3.3)
    puma (2.0.0.b3)
      rack (~> 1.2)
    puma (2.0.0.b3-java)
      rack (~> 1.2)
    pusher (0.11.1)
      multi_json (~> 1.0)
      signature (~> 0.1.6)
    rabl (0.7.6)
      activesupport (>= 2.3.14)
      multi_json (~> 1.0)
    rack (1.5.1)
    rack-test (0.6.2)
      rack (>= 1.0)
    rake (10.0.3)
    rdoc (3.12)
      json (~> 1.4)
    rspec-core (2.12.0)
    rspec-expectations (2.12.0)
      diff-lcs (~> 1.1.3)
    rspec-mocks (2.12.0)
    rspec-rails (2.12.0)
      actionpack (>= 3.0)
      activesupport (>= 3.0)
      railties (>= 3.0)
      rspec-core (~> 2.12.0)
      rspec-expectations (~> 2.12.0)
      rspec-mocks (~> 2.12.0)
    signature (0.1.6)
    sprockets (2.8.2)
      hike (~> 1.2)
      multi_json (~> 1.0)
      rack (~> 1.0)
      tilt (~> 1.1, != 1.3.0)
    sprockets-rails (2.0.0.rc2)
      actionpack (>= 3.0)
      activesupport (>= 3.0)
      sprockets (~> 2.8)
    sqlite3 (1.3.6)
    systemu (2.5.2)
    thor (0.17.0)
    thread_safe (0.1.0)
      atomic
    tilt (1.3.3)
    treetop (1.4.12)
      polyglot
      polyglot (>= 0.3.1)
    tzinfo (0.3.35)
    uuid (2.3.6)
      macaddr (~> 1.0)

PLATFORMS
  java
  ruby

DEPENDENCIES
  activerecord-deprecated_finders!
  activerecord-jdbcpostgresql-adapter
  activerecord-jdbcsqlite3-adapter
  crashlog
  debugger
  factory_girl_rails
  journey!
  pg
  puma (~> 2.0.0.b3)
  pusher
  rails!
  rspec-rails
  sqlite3
